GEM
  remote: https://rubygems.org/
  specs:
    event_emitter (0.2.5)
    json (1.8.1)
    websocket (1.1.2)
    websocket-client-simple (0.0.8)
      event_emitter
      websocket

PLATFORMS
  ruby

DEPENDENCIES
  json
  websocket-client-simple
