GIT
  remote: git://github.com/cho45/ruby-i2c-devices.git
  revision: 5ac4f63c365f29b50ba249d00fc3cd9e5e5d55f6
  branch: master
  specs:
    i2c-devices (0.0.4)

GEM
  remote: https://rubygems.org/
  specs:
    event_emitter (0.2.5)
    json (1.8.1)
    websocket (1.1.2)
    websocket-client-simple (0.0.8)
      event_emitter
      websocket

PLATFORMS
  ruby

DEPENDENCIES
  i2c-devices!
  json
  websocket-client-simple
