GIT
  remote: git://github.com/cho45/ruby-i2c-devices.git
  revision: 5d39a701a6588a57749c7f44050c93b254cecff1
  branch: master
  specs:
    i2c-devices (0.0.1)

GEM
  remote: https://rubygems.org/
  specs:
    event_emitter (0.2.5)
    json (1.8.1)
    websocket (1.1.2)
    websocket-client-simple (0.0.8)
      event_emitter
      websocket

PLATFORMS
  ruby

DEPENDENCIES
  i2c-devices!
  json
  websocket-client-simple
